GEM
  remote: https://rubygems.org/
  specs:
    curb (0.8.5)
    mini_portile (0.5.2)
    nokogiri (1.6.1)
      mini_portile (~> 0.5.0)
    observr (1.0.5)

PLATFORMS
  ruby

DEPENDENCIES
  curb
  nokogiri
  observr
