PATH
  remote: .
  specs:
    glued (0.1.0)
      curb
      nokogiri

GEM
  remote: https://rubygems.org/
  specs:
    curb (0.8.5)
    diff-lcs (1.2.5)
    mini_portile (0.5.2)
    nokogiri (1.6.1)
      mini_portile (~> 0.5.0)
    observr (1.0.5)
    rake (0.9.6)
    rspec (2.14.1)
      rspec-core (~> 2.14.0)
      rspec-expectations (~> 2.14.0)
      rspec-mocks (~> 2.14.0)
    rspec-core (2.14.7)
    rspec-expectations (2.14.5)
      diff-lcs (>= 1.1.3, < 2.0)
    rspec-mocks (2.14.5)

PLATFORMS
  ruby

DEPENDENCIES
  glued!
  observr
  rake
  rspec
